PATH
  remote: .
  specs:
    json-inference (0.0.1)

GEM
  remote: https://rubygems.org/
  specs:
    rake (10.1.1)
    shoulda-context (1.1.6)

PLATFORMS
  ruby

DEPENDENCIES
  bundler (~> 1.3)
  json-inference!
  rake
  shoulda-context (~> 1.1.6)
